GIT
  remote: git://github.com/jawspeak/ruby-docx-templater.git
  revision: 1c6621bc5081a9694e928d0ffad427b83db2fce2
  specs:
    docx_templater (0.1.0)
      nokogiri
      zipruby-compat (~> 0.3.7)

GIT
  remote: git@github.com:jawspeak/zipruby-compatibility-with-rubyzip-fork.git
  revision: f0e0668599cd95adb5d5024773a7b9eb16869a79
  tag: v0.3.7
  specs:
    zipruby-compat (0.3.7)

GEM
  remote: http://rubygems.org/
  specs:
    nokogiri (1.5.6)

PLATFORMS
  ruby

DEPENDENCIES
  docx_templater!
  zipruby-compat!
