GEM
  remote: http://rubygems.org/
  specs:
    addressable (2.3.2)
    crack (0.3.2)
    guess_html_encoding (0.0.9)
    mime-types (1.21)
    nokogiri (1.5.6)
    rest-client (1.6.7)
      mime-types (>= 1.16)
    ruby-progressbar (1.0.2)
    ruby-readability (0.5.7)
      guess_html_encoding (>= 0.0.4)
      nokogiri (>= 1.4.2)
    sanitize (2.0.3)
      nokogiri (>= 1.4.4, < 1.6)
    vcr (2.4.0)
    webmock (1.9.0)
      addressable (>= 2.2.7)
      crack (>= 0.1.7)

PLATFORMS
  ruby

DEPENDENCIES
  nokogiri
  rest-client
  ruby-progressbar
  ruby-readability
  sanitize
  vcr
  webmock
