GIT
  remote: git@github.com:jawspeak/zipruby-compatibility-with-rubyzip-fork.git
  revision: f0e0668599cd95adb5d5024773a7b9eb16869a79
  tag: v0.3.7
  specs:
    zipruby-compat (0.3.7)

GEM
  remote: http://rubygems.org/
  specs:
    docx_templater (0.0.7)
      htmlentities (~> 4.3.1)
      rubyzip (~> 0.9.9)
    htmlentities (4.3.1)
    rubyzip (0.9.9)

PLATFORMS
  ruby

DEPENDENCIES
  docx_templater
  zipruby-compat!
